GEM
  remote: https://rubygems.org/
  specs:
    addressable (2.8.7)
      public_suffix (>= 2.0.2, < 7.0)
    base64 (0.2.0)
    bigdecimal (3.1.9)
    concurrent-ruby (1.3.5)
    crack (1.0.0)
      bigdecimal
      rexml
    fileutils (1.7.3)
    hashdiff (1.1.2)
    logger (1.6.6)
    mime-types (3.6.0)
      logger
      mime-types-data (~> 3.2015)
    mime-types-data (3.2025.0220)
    public_suffix (5.1.1)
    puppeteer-ruby (0.45.6)
      concurrent-ruby (>= 1.1, < 1.4)
      mime-types (>= 3.0)
      websocket-driver (>= 0.6.0)
    rexml (3.4.1)
    vcr (6.1.0)
    webmock (3.25.0)
      addressable (>= 2.8.0)
      crack (>= 0.3.2)
      hashdiff (>= 0.4.0, < 2.0.0)
    websocket-driver (0.7.7)
      base64
      websocket-extensions (>= 0.1.0)
    websocket-extensions (0.1.5)

PLATFORMS
  ruby

DEPENDENCIES
  base64 (~> 0.2)
  fileutils (~> 1.7)
  puppeteer-ruby (~> 0.45)
  vcr (~> 6.1)
  webmock (~> 3.19)

BUNDLED WITH
   1.17.2
